GIT
  remote: git://github.com/ShowingCloud/rails.git
  revision: 5d1a728fbe91cf8915510e745e232560a5cc4731
  tag: v4.0.13
  specs:
    actionmailer (4.0.13)
      actionpack (= 4.0.13)
      mail (~> 2.5, >= 2.5.4)
    actionpack (4.0.13)
      activesupport (= 4.0.13)
      builder (~> 3.1.0)
      erubis (~> 2.7.0)
      rack (~> 1.5.2)
      rack-test (~> 0.6.2)
    activemodel (4.0.13)
      activesupport (= 4.0.13)
      builder (~> 3.1.0)
    activerecord (4.0.13)
      activemodel (= 4.0.13)
      activerecord-deprecated_finders (~> 1.0.2)
      activesupport (= 4.0.13)
      arel (~> 4.0.0)
    activesupport (4.0.13)
      i18n (~> 0.6, >= 0.6.9)
      minitest (~> 4.2)
      multi_json (~> 1.3)
      thread_safe (~> 0.1)
      tzinfo (~> 0.3.37)
    rails (4.0.13)
      actionmailer (= 4.0.13)
      actionpack (= 4.0.13)
      activerecord (= 4.0.13)
      activesupport (= 4.0.13)
      bundler (>= 1.3.0, < 2.0)
      railties (= 4.0.13)
      sprockets-rails (~> 2.0)
    railties (4.0.13)
      actionpack (= 4.0.13)
      activesupport (= 4.0.13)
      rake (>= 0.8.7)
      thor (>= 0.18.1, < 2.0)

GIT
  remote: git://github.com/spree/spree_auth_devise.git
  revision: 632d03afb67bfa7a33a0fb34e60252aa6df32ac5
  branch: 2-1-stable
  specs:
    spree_auth_devise (2.1.1)
      cancan (~> 1.6.7)
      devise (~> 3.2.2)
      devise-encryptable (= 0.1.2)
      spree_backend (~> 2.1.12)
      spree_core (~> 2.1.12)
      spree_frontend (~> 2.1.12)

GIT
  remote: git://github.com/spree/spree_gateway.git
  revision: 7c60ca030eec987090309426c737be5068753b16
  branch: 2-1-stable
  specs:
    spree_gateway (2.1.1)
      spree_core (~> 2.1)

GIT
  remote: git://github.com/spree/spree_i18n.git
  revision: f763e12f4e01f7d6df7341eddc89a24102c07a66
  branch: 2-1-stable
  specs:
    spree_i18n (3.0.0)
      globalize (~> 4.0.0)
      i18n_data (~> 0.4.1)
      rails-i18n (~> 4.0.0)
      spree_core (~> 2.1.0)

GEM
  remote: https://rubygems.org/
  specs:
    active_utils (2.2.3)
      activesupport (>= 2.3.11)
      i18n
    activemerchant (1.43.3)
      active_utils (~> 2.0, >= 2.0.1)
      activesupport (>= 2.3.14, < 5.0.0)
      builder (>= 2.1.2, < 4.0.0)
      i18n (~> 0.5)
      json (~> 1.7)
      money (< 7.0.0)
      nokogiri (~> 1.4)
    activerecord-deprecated_finders (1.0.4)
    acts_as_list (0.3.0)
      activerecord (>= 3.0)
    arel (4.0.2)
    awesome_nested_set (3.0.3)
      activerecord (>= 4.0.0, < 5)
    aws-sdk (1.27.0)
      json (~> 1.4)
      nokogiri (>= 1.4.4)
      uuidtools (~> 2.1)
    bcrypt (3.1.13)
    builder (3.1.4)
    cancan (1.6.10)
    canonical-rails (0.1.0)
      rails (>= 3.1, < 5.1)
    climate_control (0.2.0)
    cocaine (0.5.8)
      climate_control (>= 0.0.3, < 1.0)
    coffee-rails (4.2.2)
      coffee-script (>= 2.2.0)
      railties (>= 4.0.0)
    coffee-script (2.4.1)
      coffee-script-source
      execjs
    coffee-script-source (1.12.2)
    colorize (0.8.1)
    concurrent-ruby (1.1.5)
    deface (1.0.2)
      colorize (>= 0.5.8)
      nokogiri (~> 1.6.0)
      polyglot
      rails (>= 3.1)
    devise (3.2.4)
      bcrypt (~> 3.0)
      orm_adapter (~> 0.1)
      railties (>= 3.2.6, < 5)
      thread_safe (~> 0.1)
      warden (~> 1.2.3)
    devise-encryptable (0.1.2)
      devise (>= 2.1.0)
    erubis (2.7.0)
    execjs (2.7.0)
    ffaker (1.32.1)
    ffi (1.11.1)
    globalize (4.0.3)
      activemodel (>= 4.0.0, < 5)
      activerecord (>= 4.0.0, < 5)
    highline (1.6.21)
    httparty (0.17.0)
      mime-types (~> 3.0)
      multi_xml (>= 0.5.2)
    i18n (0.9.5)
      concurrent-ruby (~> 1.0)
    i18n_data (0.4.1)
    jbuilder (2.6.4)
      activesupport (>= 3.0.0)
      multi_json (>= 1.2)
    jquery-rails (3.1.5)
      railties (>= 3.0, < 5.0)
      thor (>= 0.14, < 2.0)
    jquery-ui-rails (4.1.2)
      railties (>= 3.1.0)
    json (1.8.6)
    kaminari (0.15.1)
      actionpack (>= 3.0.0)
      activesupport (>= 3.0.0)
    mail (2.7.1)
      mini_mime (>= 0.1.1)
    mime-types (3.2.2)
      mime-types-data (~> 3.2015)
    mime-types-data (3.2019.0331)
    mini_mime (1.0.2)
    mini_portile2 (2.1.0)
    minitest (4.7.5)
    monetize (1.9.2)
      money (~> 6.12)
    money (6.13.4)
      i18n (>= 0.6.4, <= 2)
    multi_json (1.13.1)
    multi_xml (0.6.0)
    mysql2 (0.3.21)
    newrelic_rpm (6.5.0.357)
    nio4r (2.5.2)
    nokogiri (1.6.8.1)
      mini_portile2 (~> 2.1.0)
    orm_adapter (0.5.0)
    paperclip (3.4.2)
      activemodel (>= 3.0.0)
      activerecord (>= 3.0.0)
      activesupport (>= 3.0.0)
      cocaine (~> 0.5.0)
      mime-types
    paranoia (2.4.2)
      activerecord (>= 4.0, < 6.1)
    polyamorous (0.6.4)
      activerecord (>= 3.0)
    polyglot (0.3.5)
    puma (4.3.3)
      nio4r (~> 2.0)
    rabl (0.9.3)
      activesupport (>= 2.3.14)
    rack (1.5.5)
    rack-cache (1.9.0)
      rack (>= 0.4)
    rack-test (0.6.3)
      rack (>= 1.0)
    rails-i18n (4.0.9)
      i18n (~> 0.7)
      railties (~> 4.0)
    rake (12.3.3)
    ransack (1.1.0)
      actionpack (>= 3.0)
      activerecord (>= 3.0)
      polyamorous (~> 0.6.0)
    rdoc (6.2.0)
    redis (4.1.2)
    redis-actionpack (5.1.0)
      actionpack (>= 4.0, < 7)
      redis-rack (>= 1, < 3)
      redis-store (>= 1.1.0, < 2)
    redis-activesupport (5.2.0)
      activesupport (>= 3, < 7)
      redis-store (>= 1.3, < 2)
    redis-rack (2.0.5)
      rack (>= 1.5, < 3)
      redis-store (>= 1.2, < 2)
    redis-rack-cache (2.1.0)
      rack-cache (>= 1.6, < 2)
      redis-store (>= 1.6, < 2)
    redis-rails (5.0.2)
      redis-actionpack (>= 5.0, < 6)
      redis-activesupport (>= 5.0, < 6)
      redis-store (>= 1.2, < 2)
    redis-store (1.6.0)
      redis (>= 2.2, < 5)
    sass-rails (6.0.0)
      sassc-rails (~> 2.1, >= 2.1.1)
    sassc (2.2.0)
      ffi (~> 1.9)
    sassc-rails (2.1.2)
      railties (>= 4.0.0)
      sassc (>= 2.0)
      sprockets (> 3.0)
      sprockets-rails
      tilt
    sdoc (1.0.0)
      rdoc (>= 5.0)
    select2-rails (3.4.9)
      sass-rails
      thor (~> 0.14)
    spree (2.1.12)
      spree_api (= 2.1.12)
      spree_backend (= 2.1.12)
      spree_cmd (= 2.1.12)
      spree_core (= 2.1.12)
      spree_frontend (= 2.1.12)
      spree_sample (= 2.1.12)
    spree_api (2.1.12)
      rabl (= 0.9.3)
      spree_core (= 2.1.12)
      versioncake (~> 1.2.0)
    spree_backend (2.1.12)
      jquery-rails (~> 3.1.0)
      jquery-ui-rails (~> 4.1.0)
      select2-rails (~> 3.4.7)
      spree_api (= 2.1.12)
      spree_core (= 2.1.12)
    spree_cmd (2.1.12)
      thor (~> 0.14)
    spree_core (2.1.12)
      activemerchant (~> 1.43.1)
      acts_as_list (= 0.3.0)
      awesome_nested_set (~> 3.0.0.rc.3)
      aws-sdk (= 1.27.0)
      cancan (~> 1.6.10)
      deface (~> 1.0.0)
      ffaker (~> 1.16)
      highline (~> 1.6.18)
      httparty (~> 0.11)
      json (~> 1.7)
      kaminari (~> 0.15.0)
      monetize
      paperclip (~> 3.4.1)
      paranoia (~> 2.0)
      rails (~> 4.0.12)
      ransack (= 1.1.0)
      state_machine (= 1.2.0)
      stringex (~> 1.5.1)
      truncate_html (= 0.9.2)
    spree_frontend (2.1.12)
      canonical-rails
      jquery-rails (~> 3.1.0)
      spree_api (= 2.1.12)
      spree_core (= 2.1.12)
      stringex (~> 1.5.1)
    spree_sample (2.1.12)
      spree_core (= 2.1.12)
    sprockets (3.7.2)
      concurrent-ruby (~> 1.0)
      rack (> 1, < 3)
    sprockets-rails (2.3.3)
      actionpack (>= 3.0)
      activesupport (>= 3.0)
      sprockets (>= 2.8, < 4.0)
    state_machine (1.2.0)
    stringex (1.5.1)
    thor (0.20.3)
    thread_safe (0.3.6)
    tilt (2.0.9)
    truncate_html (0.9.2)
    turbolinks (5.2.0)
      turbolinks-source (~> 5.2)
    turbolinks-source (5.2.0)
    tzinfo (0.3.55)
    uglifier (4.1.20)
      execjs (>= 0.3.0, < 3)
    uuidtools (2.1.5)
    versioncake (1.2.0)
      actionpack (>= 3.2)
      activesupport (>= 3.2)
      railties (>= 3.2)
      tzinfo
    warden (1.2.7)
      rack (>= 1.0)

PLATFORMS
  ruby

DEPENDENCIES
  activesupport!
  coffee-rails
  globalize
  jbuilder
  jquery-rails
  mysql2 (~> 0.3.0)
  newrelic_rpm
  puma
  rails (~> 4.0.0)
  redis-rack-cache
  redis-rails
  sass-rails
  sdoc
  spree (~> 2.1.1)
  spree_auth_devise!
  spree_gateway!
  spree_i18n!
  turbolinks
  uglifier

BUNDLED WITH
   1.17.3
